GIT
  remote: git://github.com/sinatra/sinatra.git
  revision: 76780024f190df076c71ff32cd192f5905058d0e
  ref: master
  specs:
    sinatra (1.4.5)
      rack (~> 1.4)
      rack-protection (~> 1.4)
      tilt (>= 1.3, < 3)

GEM
  remote: https://rubygems.org/
  specs:
    json (1.8.1)
    rack (1.5.2)
    rack-protection (1.5.3)
      rack
    redis (3.1.0)
    tilt (2.0.1)

PLATFORMS
  ruby
  x64-mingw32

DEPENDENCIES
  json
  redis
  sinatra (~> 1.4.5)!
